FRAMEWORK: NET46
NUGET
  remote: https://www.nuget.org/api/v2
    FAKE (4.44.4)
    FSharp.Azure.Storage (2.1)
      FSPowerPack.Linq.Community (>= 3.0)
      WindowsAzure.Storage (>= 3.1.0.1)
    FSharp.Core (4.0.0.1)
    FSharp.Data (2.3.2)
    FSPowerPack.Core.Community (3.0)
    FSPowerPack.Linq.Community (3.0)
      FSPowerPack.Core.Community
    Microsoft.AspNet.WebApi.Client (5.2.3)
      Newtonsoft.Json (>= 6.0.4)
    Microsoft.AspNet.WebApi.Core (5.2.3)
      Microsoft.AspNet.WebApi.Client (>= 5.2.3)
    Microsoft.AspNet.WebApi.SelfHost (5.2.3)
      Microsoft.AspNet.WebApi.Core (>= 5.2.3 < 5.3)
    Microsoft.AspNet.WebApi.Tracing (5.2.3)
      Microsoft.AspNet.WebApi.Core (>= 5.2.3 < 5.3)
    Microsoft.Azure.KeyVault.Core (1.0)
    Microsoft.Data.Edm (5.8)
    Microsoft.Data.OData (5.8)
      Microsoft.Data.Edm (5.8)
      System.Spatial (5.8)
    Microsoft.Data.Services.Client (5.8)
      Microsoft.Data.OData (5.8)
    Microsoft.IdentityModel.Clients.ActiveDirectory (3.13.7)
    Newtonsoft.Json (9.0.1)
    NuGet.CommandLine (3.4.3)
    System.Spatial (5.8)
    WindowsAzure.Storage (7.2.1)
      Microsoft.Azure.KeyVault.Core (>= 1.0)
      Microsoft.Data.OData (>= 5.6.4)
      Microsoft.Data.Services.Client (>= 5.6.4)
      Newtonsoft.Json (>= 6.0.8)
