FRAMEWORK: NET46
NUGET
  remote: https://www.nuget.org/api/v2
    FAKE (4.52)
    FSharp.Azure.Storage (2.1)
      FSPowerPack.Linq.Community (>= 3.0)
      WindowsAzure.Storage (>= 3.1.0.1)
    FSharp.Configuration (0.6.4)
    FSharp.Core (4.1)
      System.ValueTuple (>= 4.3)
    FSharp.Data (2.3.2)
    FSPowerPack.Core.Community (3.0)
    FSPowerPack.Linq.Community (3.0)
      FSPowerPack.Core.Community
    Microsoft.AspNet.WebApi.Client (5.2.3)
      Newtonsoft.Json (>= 6.0.4)
    Microsoft.AspNet.WebApi.Core (5.2.3)
      Microsoft.AspNet.WebApi.Client (>= 5.2.3)
    Microsoft.AspNet.WebApi.SelfHost (5.2.3)
      Microsoft.AspNet.WebApi.Core (>= 5.2.3 < 5.3)
    Microsoft.AspNet.WebApi.Tracing (5.2.3)
      Microsoft.AspNet.WebApi.Core (>= 5.2.3 < 5.3)
    Microsoft.Azure.KeyVault.Core (2.0.4)
    Microsoft.Azure.WebJobs (2.0)
      Microsoft.Azure.WebJobs.Core (2.0)
      Newtonsoft.Json (>= 9.0.1)
      WindowsAzure.Storage (>= 7.2.1)
    Microsoft.Azure.WebJobs.Core (2.0)
    Microsoft.Data.Edm (5.8.2)
    Microsoft.Data.OData (5.8.2)
      Microsoft.Data.Edm (5.8.2)
      System.Spatial (5.8.2)
    Microsoft.Data.Services.Client (5.8.2)
      Microsoft.Data.OData (5.8.2)
    Microsoft.Web.WebJobs.Publish (1.0.13)
    Microsoft.WindowsAzure.ConfigurationManager (3.2.3)
    MSBuild.Microsoft.VisualStudio.Web.targets (14.0.0.3)
    Newtonsoft.Json (9.0.1)
    NuGet.CommandLine (3.5)
    Suave (2.0.4)
      FSharp.Core (>= 4.0.0.1)
    System.Spatial (5.8.2)
    System.ValueTuple (4.3)
    WindowsAzure.Storage (8.1.1)
      Microsoft.Azure.KeyVault.Core (>= 1.0)
      Microsoft.Data.OData (>= 5.8.2)
      Microsoft.Data.Services.Client (>= 5.8.2)
      Newtonsoft.Json (>= 6.0.8)
